GEM
  specs:
    json (1.7.5)

PLATFORMS
  ruby

DEPENDENCIES
  json
